GIT
  remote: https://github.com/benpickles/decant
  revision: ba48619f5b705c576934ed3638f6a36d2a943ba4
  specs:
    decant (0.4.0)

GEM
  remote: https://rubygems.org/
  specs:
    ast (2.4.3)
    base64 (0.3.0)
    debug (1.9.2)
      irb (~> 1.10)
      reline (>= 0.3.8)
    ffi (1.17.2)
    ffi (1.17.2-x86_64-darwin)
    io-console (0.7.2)
    irb (1.14.1)
      rdoc (>= 4.0.0)
      reline (>= 0.4.2)
    json (2.15.0)
    kramdown (2.5.1)
      rexml (>= 3.3.9)
    kramdown-parser-gfm (1.1.0)
      kramdown (~> 2.0)
    language_server-protocol (3.17.0.5)
    lint_roller (1.1.0)
    listen (3.9.0)
      rb-fsevent (~> 0.10, >= 0.10.3)
      rb-inotify (~> 0.9, >= 0.9.10)
    logger (1.7.0)
    mini_portile2 (2.8.9)
    mustermann (3.0.4)
      ruby2_keywords (~> 0.0.1)
    nio4r (2.7.4)
    nokogiri (1.18.10)
      mini_portile2 (~> 2.8.2)
      racc (~> 1.4)
    nokogiri (1.18.10-x86_64-darwin)
      racc (~> 1.4)
    parallel (1.27.0)
    parklife (0.8.0)
      nokogiri
      rack-test
      thor
    parser (3.3.9.0)
      ast (~> 2.4.1)
      racc
    prism (1.5.1)
    psych (5.1.2)
      stringio
    puma (7.0.4)
      nio4r (~> 2.0)
    racc (1.8.1)
    rack (3.2.3)
    rack-protection (4.2.1)
      base64 (>= 0.1.0)
      logger (>= 1.6.0)
      rack (>= 3.0.0, < 4)
    rack-session (2.1.1)
      base64 (>= 0.1.0)
      rack (>= 3.0.0)
    rack-test (2.2.0)
      rack (>= 1.3)
    rackup (2.2.1)
      rack (>= 3)
    rainbow (3.1.1)
    rb-fsevent (0.11.2)
    rb-inotify (0.11.1)
      ffi (~> 1.0)
    rdoc (6.7.0)
      psych (>= 4.0.0)
    regexp_parser (2.11.3)
    reline (0.5.10)
      io-console (~> 0.5)
    rerun (0.14.0)
      listen (~> 3.0)
    rexml (3.4.4)
    rouge (4.6.1)
    rubocop (1.80.2)
      json (~> 2.3)
      language_server-protocol (~> 3.17.0.2)
      lint_roller (~> 1.1.0)
      parallel (~> 1.10)
      parser (>= 3.3.0.2)
      rainbow (>= 2.2.2, < 4.0)
      regexp_parser (>= 2.9.3, < 3.0)
      rubocop-ast (>= 1.46.0, < 2.0)
      ruby-progressbar (~> 1.7)
      unicode-display_width (>= 2.4.0, < 4.0)
    rubocop-ast (1.47.1)
      parser (>= 3.3.7.2)
      prism (~> 1.4)
    rubocop-performance (1.25.0)
      lint_roller (~> 1.1)
      rubocop (>= 1.75.0, < 2.0)
      rubocop-ast (>= 1.38.0, < 2.0)
    ruby-progressbar (1.13.0)
    ruby2_keywords (0.0.5)
    sinatra (4.2.1)
      logger (>= 1.6.0)
      mustermann (~> 3.0)
      rack (>= 3.0.0, < 4)
      rack-protection (= 4.2.1)
      rack-session (>= 2.0.0, < 3)
      tilt (~> 2.0)
    standard (1.51.1)
      language_server-protocol (~> 3.17.0.2)
      lint_roller (~> 1.0)
      rubocop (~> 1.80.2)
      standard-custom (~> 1.0.0)
      standard-performance (~> 1.8)
    standard-custom (1.0.2)
      lint_roller (~> 1.0)
      rubocop (~> 1.50)
    standard-performance (1.8.0)
      lint_roller (~> 1.1)
      rubocop-performance (~> 1.25.0)
    stringio (3.1.1)
    thor (1.4.0)
    tilt (2.6.1)
    unicode-display_width (3.2.0)
      unicode-emoji (~> 4.1)
    unicode-emoji (4.1.0)

PLATFORMS
  ruby
  x86_64-darwin-23

DEPENDENCIES
  debug
  decant!
  kramdown
  kramdown-parser-gfm
  parklife
  puma
  rackup
  rb-fsevent
  rerun
  rouge
  sinatra
  standard

BUNDLED WITH
   2.5.9
